GEM
  remote: https://rubygems.org/
  specs:
    debug (1.7.1)
      irb (>= 1.5.0)
      reline (>= 0.3.1)
    io-console (0.7.2)
    irb (1.6.2)
      reline (>= 0.3.0)
    language_server-protocol (3.17.0.4)
    logger (1.7.0)
    prism (1.4.0)
    rbs (3.9.2)
      logger
    reline (0.5.11)
      io-console (~> 0.5)
    ruby-lsp (0.23.17)
      language_server-protocol (~> 3.17.0)
      prism (>= 1.2, < 2.0)
      rbs (>= 3, < 4)
      sorbet-runtime (>= 0.5.10782)
    sorbet-runtime (0.5.12070)

PLATFORMS
  arm64-darwin-24

DEPENDENCIES
  debug
  ruby-lsp

BUNDLED WITH
   2.4.19
